GEM
  remote: http://rubygems.org/
  specs:
    atk (2.2.5)
      glib2 (= 2.2.5)
    byebug (6.0.2)
    cairo (1.14.1)
      pkg-config (>= 1.1.5)
    cairo-gobject (2.2.5)
      cairo
      glib2 (= 2.2.5)
    gdk3 (2.2.5)
      cairo-gobject (= 2.2.5)
      gdk_pixbuf2 (= 2.2.5)
      gobject-introspection (= 2.2.5)
      pango (= 2.2.5)
    gdk_pixbuf2 (2.2.5)
      glib2 (= 2.2.5)
    gio2 (2.2.5)
      glib2 (= 2.2.5)
      gobject-introspection (= 2.2.5)
    glib2 (2.2.5)
      pkg-config
    gobject-introspection (2.2.5)
      glib2 (= 2.2.5)
    gtk3 (2.2.5)
      atk (= 2.2.5)
      gdk3 (= 2.2.5)
      gdk_pixbuf2 (= 2.2.5)
      gio2 (= 2.2.5)
      glib2 (= 2.2.5)
      pango (= 2.2.5)
    pango (2.2.5)
      cairo (>= 1.14.0)
      glib2 (= 2.2.5)
    pkg-config (1.1.6)
    rubycop (1.0.1)

PLATFORMS
  ruby

DEPENDENCIES
  byebug
  gtk3
  rubycop

BUNDLED WITH
   1.10.6
